GEM
  remote: http://rubygems.org/
  specs:
    nokogiri (1.5.5)
    rake (0.9.2.2)
    reverse_markdown (0.3.0)
      nokogiri

PLATFORMS
  ruby

DEPENDENCIES
  nokogiri
  rake
  reverse_markdown
