GIT
  remote: git://github.com/jordanandree/html2md.git
  revision: 286010fc168fbd8d78e52eba30ea3e4df37f10fc
  specs:
    html2md (0.1.3)

GEM
  remote: http://rubygems.org/
  specs:
    nokogiri (1.5.5)
    reverse_markdown (0.3.0)
      nokogiri

PLATFORMS
  ruby

DEPENDENCIES
  html2md!
  reverse_markdown
